GEM
  remote: https://rubygems.org/
  specs:
    diff-lcs (1.2.5)
    highline (1.6.21)
    kitchen-vagrant (0.14.0)
      test-kitchen (~> 1.0)
    mixlib-shellout (1.4.0)
    net-scp (1.2.0)
      net-ssh (>= 2.6.5)
    net-ssh (2.8.0)
    rspec (2.14.1)
      rspec-core (~> 2.14.0)
      rspec-expectations (~> 2.14.0)
      rspec-mocks (~> 2.14.0)
    rspec-core (2.14.8)
    rspec-expectations (2.14.5)
      diff-lcs (>= 1.1.3, < 2.0)
    rspec-mocks (2.14.6)
    safe_yaml (1.0.2)
    serverspec (1.3.0)
      highline
      net-ssh
      rspec (~> 2.13)
      specinfra (>= 1.2.0)
    specinfra (1.4.0)
    test-kitchen (1.2.1)
      mixlib-shellout (~> 1.2)
      net-scp (~> 1.1)
      net-ssh (~> 2.7)
      safe_yaml (~> 1.0)
      thor (~> 0.18)
    thor (0.19.1)

PLATFORMS
  ruby

DEPENDENCIES
  kitchen-vagrant
  serverspec
  test-kitchen
